GEM
  remote: https://rubygems.org/
  specs:
    bootsnap (1.1.8)
      msgpack (~> 1.0)
    msgpack (1.2.2)

PLATFORMS
  ruby

DEPENDENCIES
  bootsnap

BUNDLED WITH
   1.16.1
